NRRD0001
type: unsigned char
dimension: 3
sizes: 256 256 98
encoding: gzip
data file: ./Baby.raw.gz
