NRRD0001
type: unsigned char
dimension: 3
sizes: 512 512 182
spacings: 0.585938 0.585938 1
encoding: gzip
data file: ./Bonsai1-HI.raw.gz
