NRRD0001
type: unsigned char
dimension: 3
sizes: 512 512 154
spacings: 0.402344 0.402344 1
encoding: gzip
data file: ./Bonsai3-LO.raw.gz
