NRRD0001
type: unsigned short
dimension: 3
sizes: 512 512 189
spacings: 0.402344 0.402344 1
endian: big
encoding: gzip
data file: ./Bonsai2.raw.gz
