NRRD0001
type: unsigned short
dimension: 3
sizes: 512 512 106
spacings: 0.435547 0.435547 2
endian: big
encoding: gzip
data file: ./Cadaver.raw.gz
