NRRD0001
content: Carp
type: unsigned short
dimension: 3
sizes: 256 256 512
spacings: 0.78125 0.390625 1
endian: big
encoding: gzip
data file: ./Carp.raw.gz
