NRRD0001
type: unsigned char
dimension: 3
sizes: 512 512 32
encoding: gzip
data file: ./Clouds.raw.gz
