NRRD0001
content: Cross
type: unsigned char
dimension: 3
sizes: 64 64 64
encoding: gzip
data file: ./Cross.raw.gz
