NRRD0001
type: unsigned char
dimension: 3
sizes: 384 384 240
encoding: gzip
data file: ./CT-Chest.raw.gz
