NRRD0001
type: unsigned char
dimension: 3
sizes: 512 512 120
spacings: 0.214844 0.214844 0.5
encoding: gzip
data file: ./CTA-Brain.raw.gz
