NRRD0001
type: unsigned char
dimension: 3
sizes: 192 180 168
encoding: gzip
data file: ./Daisy.raw.gz
