NRRD0001
type: unsigned char
dimension: 3
sizes: 128 128 58
encoding: gzip
data file: ./DTI-MD.raw.gz
