NRRD0001
content: "Frog, Lawrence Berkeley Laboratory, USA"
type: unsigned char
dimension: 3
sizes: 256 256 44
spacings: 0.5 0.5 1
encoding: gzip
data file: ./Frog.raw.gz
