NRRD0001
content: "Registered Monkey Head (MRI T1), UCLA"
type: unsigned char
dimension: 3
sizes: 256 256 62
spacings: 1 1 3
encoding: gzip
data file: ./Monkey-MRI-T1.raw.gz
