NRRD0001
type: unsigned short
dimension: 3
sizes: 181 217 181
endian: big
encoding: gzip
data file: ./MRI-Phantom-T1.raw.gz
