NRRD0001
type: unsigned char
dimension: 3
sizes: 256 256 64
spacings: 0.390625 0.390625 1
encoding: gzip
data file: ./Orange.raw.gz
