NRRD0001
type: unsigned char
dimension: 3
sizes: 352 352 256
encoding: gzip
data file: ./Sheep.raw.gz
