NRRD0001
type: unsigned short
dimension: 3
sizes: 512 512 63
spacings: 0.693359 0.693359 5
endian: big
encoding: gzip
data file: ./Teddy.raw.gz
