NRRD0001
type: unsigned char
dimension: 3
sizes: 256 256 64
spacings: 0.39 0.39 1
encoding: gzip
data file: ./Tomato.raw.gz
