NRRD0001
type: unsigned short
dimension: 3
sizes: 256 256 161
endian: big
encoding: gzip
data file: ./Tooth.raw.gz
