NRRD0001
type: unsigned char
dimension: 3
sizes: 128 256 256
spacings: 1.57774 0.995861 1.00797
encoding: gzip
data file: ./VisMale.raw.gz
