NRRD0001
type: unsigned short
dimension: 3
sizes: 512 499 512
endian: big
encoding: gzip
data file: ./XMasTree.raw.gz
